GEM
  remote: https://rubygems.org/
  specs:
    minitest (5.18.1)

PLATFORMS
  ruby

DEPENDENCIES
  minitest

BUNDLED WITH
   1.17.2
